GIT
  remote: https://github.com/bjedrocha/rqrcode.git
  revision: bf9c697dbba1813174fca857ac76060b59c5bf2a
  branch: simplified-png-export
  specs:
    rqrcode-with-patches (0.5.4)
      chunky_png

GEM
  remote: https://rubygems.org/
  specs:
    addressable (2.3.8)
    chunky_png (1.3.4)
    daemons (1.2.2)
    dragonfly (1.0.7)
      addressable (~> 2.3)
      multi_json (~> 1.0)
      rack
    eventmachine (1.0.7)
    multi_json (1.11.0)
    rack (1.6.0)
    rack-cache (1.2)
      rack (>= 0.4)
    rack-protection (1.5.3)
      rack
    shotgun (0.9.1)
      rack (>= 1.0)
    sinatra (1.4.6)
      rack (~> 1.4)
      rack-protection (~> 1.4)
      tilt (>= 1.3, < 3)
    sinatra-param (1.3.1)
      sinatra (~> 1.3)
    thin (1.6.3)
      daemons (~> 1.0, >= 1.0.9)
      eventmachine (~> 1.0)
      rack (~> 1.0)
    tilt (2.0.1)

PLATFORMS
  ruby

DEPENDENCIES
  chunky_png
  dragonfly (~> 1.0.7)
  rack-cache
  rqrcode-with-patches!
  shotgun
  sinatra
  sinatra-param
  thin
