GIT
  remote: https://github.com/bjedrocha/rqrcode.git
  revision: fbc8d9f093f1fa0e1c157985280b397e42ec6a2f
  branch: simplified-png-export
  specs:
    rqrcode-with-patches (0.5.4)
      chunky_png

GEM
  remote: https://rubygems.org/
  specs:
    activesupport (4.2.1)
      i18n (~> 0.7)
      json (~> 1.7, >= 1.7.7)
      minitest (~> 5.1)
      thread_safe (~> 0.3, >= 0.3.4)
      tzinfo (~> 1.1)
    byebug (4.0.5)
      columnize (= 0.9.0)
    chunky_png (1.3.4)
    columnize (0.9.0)
    daemons (1.2.2)
    eventmachine (1.0.7)
    i18n (0.7.0)
    json (1.8.2)
    minitest (5.6.0)
    rack (1.6.0)
    rack-cache (1.2)
      rack (>= 0.4)
    rack-protection (1.5.3)
      rack
    shotgun (0.9.1)
      rack (>= 1.0)
    sinatra (1.4.6)
      rack (~> 1.4)
      rack-protection (~> 1.4)
      tilt (>= 1.3, < 3)
    sinatra-param (1.3.1)
      sinatra (~> 1.3)
    thin (1.6.3)
      daemons (~> 1.0, >= 1.0.9)
      eventmachine (~> 1.0)
      rack (~> 1.0)
    thread_safe (0.3.5)
    tilt (2.0.1)
    tzinfo (1.2.2)
      thread_safe (~> 0.1)
    uuidtools (2.1.5)

PLATFORMS
  ruby

DEPENDENCIES
  activesupport
  byebug
  rack-cache
  rqrcode-with-patches!
  shotgun
  sinatra
  sinatra-param
  thin
  uuidtools
